PATH
  remote: .
  specs:
    sparql-doc (0.0.4)
      json
      redcarpet

GEM
  remote: https://rubygems.org/
  specs:
    fakefs (1.3.2)
    json (2.5.1)
    redcarpet (3.5.1)

PLATFORMS
  ruby

DEPENDENCIES
  fakefs
  sparql-doc!

BUNDLED WITH
   2.1.2
